GEM
  remote: http://rubygems.org/

PLATFORMS
  ruby
